GEM
  remote: https://rubygems.org/
  specs:
    coderay (1.0.9)
    faker (1.1.2)
      i18n (~> 0.5)
    formatador (0.2.4)
    guard (1.7.0)
      formatador (>= 0.2.4)
      listen (>= 0.6.0)
      lumberjack (>= 1.0.2)
      pry (>= 0.9.10)
      thor (>= 0.14.6)
    guard-bundler (1.0.0)
      bundler (~> 1.0)
      guard (~> 1.1)
    guard-minitest (0.5.0)
      guard (>= 0.4)
    i18n (0.6.4)
    json (1.7.7)
    listen (0.7.3)
    lumberjack (1.0.3)
    method_source (0.8.1)
    pry (0.9.12)
      coderay (~> 1.0.5)
      method_source (~> 0.8)
      slop (~> 3.4)
    rack (1.5.2)
    rack-protection (1.5.0)
      rack
    rack-test (0.6.2)
      rack (>= 1.0)
    rb-fsevent (0.9.3)
    sinatra (1.4.2)
      rack (~> 1.5, >= 1.5.2)
      rack-protection (~> 1.4)
      tilt (~> 1.3, >= 1.3.4)
    slop (3.4.4)
    terminal-notifier-guard (1.5.3)
    thor (0.18.1)
    tilt (1.3.6)

PLATFORMS
  ruby

DEPENDENCIES
  faker
  guard-bundler
  guard-minitest
  json
  rack
  rack-test
  rb-fsevent
  sinatra
  terminal-notifier-guard
